GEM
  remote: https://rubygems.org/
  specs:
    motion-testflight (1.5)
    rake (10.1.1)

PLATFORMS
  ruby

DEPENDENCIES
  motion-testflight
  rake
